GEM
  remote: http://rubygems.org/
  specs:
    hoe (3.3.1)
      rake (>= 0.8, < 11.0)
    json (1.7.5)
    json (1.7.5-java)
    rake (10.0.2)
    rdoc (3.12)
      json (~> 1.4)
    systemu (2.5.2)

PLATFORMS
  java
  ruby

DEPENDENCIES
  hoe (~> 3.3.1)
  rdoc (~> 3.12)
  systemu (~> 2.5.2)
